GEM
  remote: http://rubygems.org/
  specs:
    async_sinatra (1.0.0)
      rack (>= 1.4.1)
      sinatra (>= 1.3.2)
    daemons (1.1.8)
    eventmachine (0.12.10)
    foreman (0.46.0)
      thor (>= 0.13.6)
    rack (1.4.1)
    rack-protection (1.2.0)
      rack
    sinatra (1.3.2)
      rack (~> 1.3, >= 1.3.6)
      rack-protection (~> 1.2)
      tilt (~> 1.3, >= 1.3.3)
    thin (1.3.1)
      daemons (>= 1.0.9)
      eventmachine (>= 0.12.6)
      rack (>= 1.0.0)
    thor (0.15.2)
    tilt (1.3.3)

PLATFORMS
  ruby

DEPENDENCIES
  async_sinatra
  foreman
  thin
